PATH
  remote: /Users/aslakhellesoy/scm/cucumber
  specs:
    cucumber (0.9.0)
      builder (~> 2.1.2)
      diff-lcs (~> 1.1.2)
      json_pure (~> 1.4.6)
      term-ansicolor (~> 1.0.5)

PATH
  remote: .
  specs:
    gherkin (2.2.1)
      trollop (~> 1.16.2)

GEM
  remote: http://rubygems.org/
  specs:
    awesome_print (0.2.1)
    builder (2.1.2)
    diff-lcs (1.1.2)
    json_pure (1.4.6)
    rake (0.8.7)
    rake-compiler (0.7.1)
      rake (>= 0.8.3, < 0.9)
    rspec (2.0.0.beta.20)
      rspec-core (= 2.0.0.beta.20)
      rspec-expectations (= 2.0.0.beta.20)
      rspec-mocks (= 2.0.0.beta.20)
    rspec-core (2.0.0.beta.20)
    rspec-expectations (2.0.0.beta.20)
      diff-lcs (>= 1.1.2)
    rspec-mocks (2.0.0.beta.20)
    term-ansicolor (1.0.5)
    trollop (1.16.2)

PLATFORMS
  java
  ruby
  x86-mingw32

DEPENDENCIES
  awesome_print (~> 0.2.1)
  cucumber!
  gherkin!
  rake (~> 0.8.7)
  rake-compiler (~> 0.7.1)
  rspec (~> 2.0.0.beta.20)
  trollop (~> 1.16.2)
